GEM
  remote: https://rubygems.org/
  specs:
    mailfactory (1.4.0)
      mime-types (>= 1.13.1)
    mime-types (3.1)
      mime-types-data (~> 3.2015)
    mime-types-data (3.2016.0521)
    mini_portile2 (2.1.0)
    nokogiri (1.6.8.1)
      mini_portile2 (~> 2.1.0)
    nokogiri (1.6.8.1-x64-mingw32)
      mini_portile2 (~> 2.1.0)
    sqlite3 (1.3.13)
    sqlite3 (1.3.13-x64-mingw32)

PLATFORMS
  ruby
  x64-mingw32

DEPENDENCIES
  mailfactory
  nokogiri
  sqlite3

BUNDLED WITH
   1.13.6
